GEM
  remote: https://rubygems.org/
  specs:
    actionpack (4.2.5.2)
      actionview (= 4.2.5.2)
      activesupport (= 4.2.5.2)
      rack (~> 1.6)
      rack-test (~> 0.6.2)
      rails-dom-testing (~> 1.0, >= 1.0.5)
      rails-html-sanitizer (~> 1.0, >= 1.0.2)
    actionview (4.2.5.2)
      activesupport (= 4.2.5.2)
      builder (~> 3.1)
      erubis (~> 2.7.0)
      rails-dom-testing (~> 1.0, >= 1.0.5)
      rails-html-sanitizer (~> 1.0, >= 1.0.2)
    activemodel (4.2.5.2)
      activesupport (= 4.2.5.2)
      builder (~> 3.1)
    activerecord (4.2.5.2)
      activemodel (= 4.2.5.2)
      activesupport (= 4.2.5.2)
      arel (~> 6.0)
    activesupport (4.2.5.2)
      i18n (~> 0.7)
      json (~> 1.7, >= 1.7.7)
      minitest (~> 5.1)
      thread_safe (~> 0.3, >= 0.3.4)
      tzinfo (~> 1.1)
    arel (6.0.3)
    ast (2.2.0)
    builder (3.2.2)
    celluloid (0.17.3)
      celluloid-essentials
      celluloid-extras
      celluloid-fsm
      celluloid-pool
      celluloid-supervision
      timers (>= 4.1.1)
    celluloid-essentials (0.20.5)
      timers (>= 4.1.1)
    celluloid-extras (0.20.5)
      timers (>= 4.1.1)
    celluloid-fsm (0.20.5)
      timers (>= 4.1.1)
    celluloid-pool (0.20.5)
      timers (>= 4.1.1)
    celluloid-supervision (0.20.5)
      timers (>= 4.1.1)
    coderay (1.1.1)
    diff-lcs (1.2.5)
    dotenv (2.1.0)
    erubis (2.7.0)
    faraday (0.9.2)
      multipart-post (>= 1.2, < 3)
    faraday_middleware (0.9.2)
      faraday (>= 0.7.4, < 0.10)
    ffi (1.9.10)
    formatador (0.2.5)
    guard (2.13.0)
      formatador (>= 0.2.4)
      listen (>= 2.7, <= 4.0)
      lumberjack (~> 1.0)
      nenv (~> 0.1)
      notiffany (~> 0.0)
      pry (>= 0.9.12)
      shellany (~> 0.0)
      thor (>= 0.18.1)
    guard-compat (1.2.1)
    guard-rspec (4.6.4)
      guard (~> 2.1)
      guard-compat (~> 1.1)
      rspec (>= 2.99.0, < 4.0)
    guard-rubocop (1.2.0)
      guard (~> 2.0)
      rubocop (~> 0.20)
    hitimes (1.2.3)
    i18n (0.7.0)
    json (1.8.3)
    listen (3.0.6)
      rb-fsevent (>= 0.9.3)
      rb-inotify (>= 0.9.7)
    loofah (2.0.3)
      nokogiri (>= 1.5.9)
    lumberjack (1.0.10)
    method_source (0.8.2)
    mime-types (3.0)
      mime-types-data (~> 3.2015)
    mime-types-data (3.2016.0221)
    mini_portile2 (2.0.0)
    minitest (5.8.4)
    multipart-post (2.0.0)
    nenv (0.3.0)
    nokogiri (1.6.7.2)
      mini_portile2 (~> 2.0.0.rc2)
    notiffany (0.0.8)
      nenv (~> 0.1)
      shellany (~> 0.0)
    oauth (0.5.1)
    parser (2.3.0.6)
      ast (~> 2.2)
    powerpack (0.1.1)
    pry (0.10.3)
      coderay (~> 1.1.0)
      method_source (~> 0.8.1)
      slop (~> 3.4)
    rack (1.6.4)
    rack-test (0.6.3)
      rack (>= 1.0)
    rails-deprecated_sanitizer (1.0.3)
      activesupport (>= 4.2.0.alpha)
    rails-dom-testing (1.0.7)
      activesupport (>= 4.2.0.beta, < 5.0)
      nokogiri (~> 1.6.0)
      rails-deprecated_sanitizer (>= 1.0.1)
    rails-html-sanitizer (1.0.3)
      loofah (~> 2.0)
    railties (4.2.5.2)
      actionpack (= 4.2.5.2)
      activesupport (= 4.2.5.2)
      rake (>= 0.8.7)
      thor (>= 0.18.1, < 2.0)
    rainbow (2.1.0)
    rake (10.4.2)
    rb-fsevent (0.9.7)
    rb-inotify (0.9.7)
      ffi (>= 0.5.0)
    rspec (3.4.0)
      rspec-core (~> 3.4.0)
      rspec-expectations (~> 3.4.0)
      rspec-mocks (~> 3.4.0)
    rspec-core (3.4.3)
      rspec-support (~> 3.4.0)
    rspec-expectations (3.4.0)
      diff-lcs (>= 1.2.0, < 2.0)
      rspec-support (~> 3.4.0)
    rspec-mocks (3.4.1)
      diff-lcs (>= 1.2.0, < 2.0)
      rspec-support (~> 3.4.0)
    rspec-support (3.4.1)
    rubocop (0.37.2)
      parser (>= 2.3.0.4, < 3.0)
      powerpack (~> 0.1)
      rainbow (>= 1.99.1, < 3.0)
      ruby-progressbar (~> 1.7)
      unicode-display_width (~> 0.3)
    ruby-progressbar (1.7.5)
    shellany (0.0.1)
    simple_oauth (0.3.1)
    slop (3.6.0)
    sqlite3 (1.3.11)
    standalone_migrations (4.0.3)
      activerecord (~> 4.2.5.1)
      railties (~> 4.2.5.1)
      rake (~> 10.0)
    thor (0.19.1)
    thread_safe (0.3.5)
    timers (4.1.1)
      hitimes
    tumblr_client (0.8.5)
      faraday (~> 0.9.0)
      faraday_middleware (~> 0.9.0)
      json
      mime-types
      oauth
      simple_oauth
    tzinfo (1.2.2)
      thread_safe (~> 0.1)
    unicode-display_width (0.3.1)

PLATFORMS
  ruby

DEPENDENCIES
  activerecord
  celluloid
  dotenv
  guard
  guard-rspec
  guard-rubocop
  rake
  rspec
  rubocop
  sqlite3
  standalone_migrations
  tumblr_client

BUNDLED WITH
   1.11.2
